GEM
  remote: https://rubygems.org/
  specs:
    coderay (1.1.3)
    method_source (1.0.0)
    pry (0.14.1)
      coderay (~> 1.1)
      method_source (~> 1.0)
    rack (3.0.1)
    rack-test (2.0.2)
      rack (>= 1.3)
    webrick (1.7.0)

PLATFORMS
  x86_64-darwin-19

DEPENDENCIES
  pry
  rack
  rack-test
  webrick

BUNDLED WITH
   2.3.26
